GEM
  remote: https://rubygems.org/
  specs:
    abstract_type (0.0.6)
    adamantium (0.1.0)
      ice_nine (~> 0.9)
      thread_safe (~> 0.1.2)
    addressable (2.3.5)
    atomic (1.1.13)
    axiom (0.1.1)
      abstract_type (~> 0.0.5)
      adamantium (~> 0.1)
      axiom-types (~> 0.0.3)
      descendants_tracker (~> 0.0.1)
      equalizer (~> 0.0.7)
    axiom-optimizer (0.1.0)
      axiom (~> 0.1.0)
    axiom-types (0.0.3)
      descendants_tracker (~> 0.0.1)
      ice_nine (~> 0.9)
    concord (0.1.4)
      adamantium (~> 0.1)
      equalizer (~> 0.0.7)
    descendants_tracker (0.0.1)
    equalizer (0.0.7)
    ice_nine (0.9.0)
    rom (0.1.0)
      rom-mapper (~> 0.1.0)
      rom-relation (~> 0.1.0)
      rom-session (~> 0.1.0)
    rom-mapper (0.1.0)
      abstract_type (~> 0.0.6)
      adamantium (~> 0.1)
      concord (~> 0.1.4)
      descendants_tracker (~> 0.0.1)
      equalizer (~> 0.0.7)
    rom-relation (0.1.0)
      abstract_type (~> 0.0.6)
      adamantium (~> 0.1)
      addressable (~> 2.3, >= 2.3.3)
      axiom (~> 0.1.1)
      axiom-optimizer (~> 0.1.0)
      concord (~> 0.1.4)
      descendants_tracker (~> 0.0.1)
      equalizer (~> 0.0.7)
    rom-session (0.1.0)
      abstract_type (~> 0.0.6)
      adamantium (~> 0.1)
      concord (~> 0.1.4)
      equalizer (~> 0.0.7)
    thread_safe (0.1.2)
      atomic

PLATFORMS
  ruby

DEPENDENCIES
  rom (~> 0.1.0)
